GIT
  remote: git://github.com/middleman/middleman.git
  revision: 049866ee2e74972292687a7d1dff0e69f942f83a
  branch: v3-stable
  specs:
    middleman-core (3.2.2)
      activesupport (~> 3.2.6)
      bundler (~> 1.1)
      hooks (~> 0.3)
      i18n (~> 0.6.9)
      listen (~> 1.1)
      rack (>= 1.4.5)
      rack-test (~> 0.6.1)
      thor (>= 0.15.2, < 2.0)
      tilt (~> 1.4.1)

PATH
  remote: .
  specs:
    middleman-blog-drafts (0.2.0)
      middleman-blog (~> 3.5.1)
      middleman-core (~> 3.2.2)

GEM
  remote: https://rubygems.org/
  specs:
    activesupport (3.2.16)
      i18n (~> 0.6, >= 0.6.4)
      multi_json (~> 1.0)
    addressable (2.3.5)
    aruba (0.5.4)
      childprocess (>= 0.3.6)
      cucumber (>= 1.1.1)
      rspec-expectations (>= 2.7.0)
    atomic (1.1.14)
    builder (3.2.2)
    cane (2.6.1)
      parallel
    childprocess (0.4.0)
      ffi (~> 1.0, >= 1.0.11)
    chunky_png (1.3.0)
    coderay (1.0.9)
    compass (0.12.2)
      chunky_png (~> 1.2)
      fssm (>= 0.2.7)
      sass (~> 3.1)
    cucumber (1.3.10)
      builder (>= 2.1.2)
      diff-lcs (>= 1.1.3)
      gherkin (~> 2.12)
      multi_json (>= 1.7.5, < 2.0)
      multi_test (>= 0.0.2)
    diff-lcs (1.2.5)
    ffi (1.9.0)
    fivemat (1.2.1)
    formatador (0.2.4)
    fssm (0.2.10)
    gherkin (2.12.2)
      multi_json (~> 1.3)
    guard (1.8.2)
      formatador (>= 0.2.4)
      listen (>= 1.0.0)
      lumberjack (>= 1.0.2)
      pry (>= 0.9.10)
      thor (>= 0.14.6)
    guard-cucumber (1.4.0)
      cucumber (>= 1.2.0)
      guard (>= 1.1.0)
    hooks (0.3.3)
    i18n (0.6.9)
    json (1.8.0)
    kramdown (1.3.1)
    listen (1.2.3)
      rb-fsevent (>= 0.9.3)
      rb-inotify (>= 0.9)
      rb-kqueue (>= 0.2)
    lumberjack (1.0.4)
    method_source (0.8.2)
    middleman-blog (3.5.1)
      addressable (~> 2.3.5)
      middleman-core (~> 3.2)
      tzinfo (>= 0.3.0)
    multi_json (1.8.4)
    multi_test (0.0.3)
    parallel (0.9.2)
    pry (0.9.12.2)
      coderay (~> 1.0.5)
      method_source (~> 0.8)
      slop (~> 3.4)
    rack (1.5.2)
    rack-test (0.6.2)
      rack (>= 1.0)
    rake (10.1.1)
    rb-fsevent (0.9.3)
    rb-inotify (0.9.1)
      ffi (>= 0.5.0)
    rb-kqueue (0.2.0)
      ffi (>= 0.5.0)
    rdoc (3.12.2)
      json (~> 1.4)
    rspec-expectations (2.14.5)
      diff-lcs (>= 1.1.3, < 2.0)
    sass (3.2.14)
    slop (3.4.6)
    thor (0.18.1)
    thread_safe (0.1.3)
      atomic
    tilt (1.4.1)
    tzinfo (1.1.0)
      thread_safe (~> 0.1)
    yard (0.8.7)

PLATFORMS
  ruby

DEPENDENCIES
  aruba (~> 0.5.1)
  cane
  compass
  cucumber (~> 1.3.1)
  fivemat
  guard-cucumber
  kramdown
  middleman-blog-drafts!
  middleman-core!
  rake (~> 10.1.0)
  rdoc (~> 3.9)
  sass
  yard (~> 0.8.0)
